GEM
  remote: https://rubygems.org/
  specs:
    byebug (11.1.3)
    sqlite3 (1.6.0-x86_64-linux)

PLATFORMS
  x86_64-linux

DEPENDENCIES
  byebug
  sqlite3

BUNDLED WITH
   2.4.3
